GIT
  remote: https://github.com/lian/bitcoin-ruby
  revision: f9b817c946b3ef99c7652c318c155200aadc6489
  branch: master
  specs:
    bitcoin-ruby (0.0.20)
      eventmachine
      ffi
      scrypt

GEM
  remote: https://rubygems.org/
  specs:
    chunky_png (1.4.0)
    eventmachine (1.2.7)
    ffi (1.15.5)
    ffi-compiler (1.0.1)
      ffi (>= 1.0.0)
      rake
    io-wait (0.2.1)
    json (2.6.1)
    money-tree (0.10.0)
      ffi
    net-http (0.2.0)
      net-protocol
      uri
    net-protocol (0.1.2)
      io-wait
      timeout
    rake (13.0.6)
    rbtext (0.0.5)
    rqrcode (2.1.1)
      chunky_png (~> 1.0)
      rqrcode_core (~> 1.0)
    rqrcode_core (1.2.0)
    scrypt (3.0.7)
      ffi-compiler (>= 1.0, < 2.0)
    timeout (0.2.0)
    uri (0.11.0)

PLATFORMS
  x86_64-darwin-20

DEPENDENCIES
  bitcoin-ruby!
  json
  money-tree
  net-http
  rbtext
  rqrcode

BUNDLED WITH
   2.3.8
