GEM
  remote: https://rubygems.org/
  specs:
    chunky_png (1.4.0)
    ffi (1.15.5)
    money-tree (0.10.0)
      ffi
    rqrcode (2.1.1)
      chunky_png (~> 1.0)
      rqrcode_core (~> 1.0)
    rqrcode_core (1.2.0)

PLATFORMS
  x86_64-darwin-20

DEPENDENCIES
  money-tree
  rqrcode

BUNDLED WITH
   2.3.8
